PATH
  remote: .
  specs:
    dynameek (0.3.7)
      aws-sdk

GEM
  remote: https://rubygems.org/
  specs:
    activesupport (3.2.13)
      i18n (= 0.6.1)
      multi_json (~> 1.0)
    aws-sdk (1.8.5)
      json (~> 1.4)
      nokogiri (>= 1.4.4)
      uuidtools (~> 2.1)
    diff-lcs (1.2.1)
    fake_dynamo (0.1.1)
      activesupport
      json
      sinatra
    i18n (0.6.1)
    json (1.7.7)
    multi_json (1.7.1)
    nokogiri (1.5.9)
    rack (1.5.2)
    rack-protection (1.5.0)
      rack
    rspec (2.13.0)
      rspec-core (~> 2.13.0)
      rspec-expectations (~> 2.13.0)
      rspec-mocks (~> 2.13.0)
    rspec-core (2.13.1)
    rspec-expectations (2.13.0)
      diff-lcs (>= 1.1.3, < 2.0)
    rspec-mocks (2.13.0)
    sinatra (1.4.1)
      rack (~> 1.5, >= 1.5.2)
      rack-protection (~> 1.4)
      tilt (~> 1.3, >= 1.3.4)
    tilt (1.3.6)
    uuidtools (2.1.3)

PLATFORMS
  ruby

DEPENDENCIES
  dynameek!
  fake_dynamo
  rspec
